PATH
  remote: .
  specs:
    websocketable (0.0.1)

GEM
  remote: https://rubygems.org/
  specs:
    rake (13.0.1)

PLATFORMS
  ruby

DEPENDENCIES
  bundler (~> 1.17)
  rake (~> 13.0)
  websocketable!

BUNDLED WITH
   1.17.3
