PATH
  remote: .
  specs:
    websocketable (0.0.1)

GEM
  remote: https://rubygems.org/
  specs:
    rake (10.5.0)

PLATFORMS
  ruby

DEPENDENCIES
  bundler (~> 1.17)
  rake (~> 10.0)
  websocketable!

BUNDLED WITH
   1.17.3
